PATH
  remote: .
  specs:
    synapse_fi (0.0.3)
      rest-client (~> 2.0)

GEM
  remote: https://rubygems.org/
  specs:
    ansi (1.5.0)
    builder (3.2.3)
    domain_name (0.5.20180417)
      unf (>= 0.0.5, < 1.0.0)
    dotenv (2.1.2)
    http-cookie (1.0.3)
      domain_name (~> 0.5)
    mime-types (3.2.2)
      mime-types-data (~> 3.2015)
    mime-types-data (3.2018.0812)
    minitest (5.8.5)
    minitest-reporters (1.1.19)
      ansi
      builder
      minitest (>= 5.0)
      ruby-progressbar
    netrc (0.11.0)
    rake (10.5.0)
    rest-client (2.0.2)
      http-cookie (>= 1.0.2, < 2.0)
      mime-types (>= 1.16, < 4.0)
      netrc (~> 0.8)
    ruby-progressbar (1.10.0)
    unf (0.1.4)
      unf_ext
    unf_ext (0.0.7.5)

PLATFORMS
  ruby

DEPENDENCIES
  bundler (~> 1.10)
  dotenv (~> 2.1.1)
  minitest (~> 5.8.2)
  minitest-reporters (~> 1.1.5)
  rake (~> 10.0)
  synapse_fi!

BUNDLED WITH
   1.17.1
