GEM
  remote: https://rubygems.org/
  specs:
    ansi (1.5.0)
    builder (3.2.3)
    concurrent-ruby (1.1.3)
    domain_name (0.5.20180417)
      unf (>= 0.0.5, < 1.0.0)
    faker (1.9.1)
      i18n (>= 0.7)
    http-cookie (1.0.3)
      domain_name (~> 0.5)
    i18n (1.1.1)
      concurrent-ruby (~> 1.0)
    mime-types (3.2.2)
      mime-types-data (~> 3.2015)
    mime-types-data (3.2018.0812)
    minitest (5.11.3)
    minitest-reporters (1.3.5)
      ansi
      builder
      minitest (>= 5.0)
      ruby-progressbar
    netrc (0.11.0)
    rest-client (2.0.2)
      http-cookie (>= 1.0.2, < 2.0)
      mime-types (>= 1.16, < 4.0)
      netrc (~> 0.8)
    ruby-progressbar (1.10.0)
    synapse_pay_rest (3.4.3)
      rest-client (~> 2.0)
    unf (0.1.4)
      unf_ext
    unf_ext (0.0.7.5)

PLATFORMS
  ruby

DEPENDENCIES
  faker
  minitest
  minitest-reporters
  synapse_pay_rest

BUNDLED WITH
   1.17.1
